{
	"Modality": "MR",
	"MagneticFieldStrength": 6.98,
	"ImagingFrequency": 297.167,
	"Manufacturer": "Siemens",
	"ManufacturersModelName": "Investigational_Device_7T",
	"InstitutionName": "Beijing_MRI_Center_for_Brain_Research",
	"InstitutionalDepartmentName": "Department",
	"InstitutionAddress": "Datun_road_15_Beijing_29A426_Chaoyang_CN_100101",
	"DeviceSerialNumber": "18925",
	"StationName": "MRC18925",
	"PatientPosition": "HFS",
	"ProcedureStepDescription": "S18_approved",
	"SoftwareVersions": "syngo_MR_B17",
	"MRAcquisitionType": "3D",
	"SeriesDescription": "fft40_1.0iso_FA17",
	"ProtocolName": "fft40_1.0iso_FA17",
	"ScanningSequence": "GR",
	"SequenceVariant": "SK_SS",
	"ScanOptions": "PFP",
	"SequenceName": "tfi3d1_84",
	"ImageType": ["ORIGINAL", "PRIMARY", "M", "ND"],
	"SeriesNumber": 23,
	"AcquisitionTime": "20:57:17.485000",
	"AcquisitionNumber": 1,
	"SliceThickness": 1,
	"SAR": 0.0511966,
	"EchoTime": 0.00267,
	"RepetitionTime": 0.46143,
	"FlipAngle": 17,
	"PartialFourier": 0.875,
	"BaseResolution": 144,
	"ShimSetting": [
		-423,
		625,
		1000,
		1497,
		-314,
		1121,
		2480,
		1197	],
	"TxRefAmp": 194,
	"PhaseResolution": 1,
	"ReceiveCoilName": "32Ch_Head_7T",
	"CoilString": "C:A32",
	"PulseSequenceDetails": "%CustomerSeq%_CV_fft40",
	"RefLinesPE": 24,
	"PercentPhaseFOV": 100,
	"PhaseEncodingSteps": 125,
	"AcquisitionMatrixPE": 144,
	"ReconMatrixPE": 144,
	"ParallelReductionFactorInPlane": 2,
	"PixelBandwidth": 445,
	"DwellTime": 7.8e-06,
	"ImageOrientationPatientDICOM": [
		0.999333,
		-0.00152567,
		0.0364905,
		2.65801e-10,
		0.999127,
		0.0417735	],
	"InPlanePhaseEncodingDirectionDICOM": "ROW",
	"ConversionSoftware": "dcm2niix",
	"ConversionSoftwareVersion": "v1.0.20190902"
}
