{
	"Modality": "MR",
	"MagneticFieldStrength": 6.98,
	"ImagingFrequency": 297.167,
	"Manufacturer": "Siemens",
	"ManufacturersModelName": "Investigational_Device_7T",
	"InstitutionName": "Beijing_MRI_Center_for_Brain_Research",
	"InstitutionalDepartmentName": "Department",
	"InstitutionAddress": "Datun_road_15_Beijing_29A426_Chaoyang_CN_100101",
	"DeviceSerialNumber": "18925",
	"StationName": "MRC18925",
	"PatientPosition": "HFS",
	"ProcedureStepDescription": "S18_yqian",
	"SoftwareVersions": "syngo_MR_B17",
	"MRAcquisitionType": "3D",
	"SeriesDescription": "fft40_1.0iso_FA17",
	"ProtocolName": "fft40_1.0iso_FA17",
	"ScanningSequence": "GR",
	"SequenceVariant": "SK_SS",
	"ScanOptions": "PFP",
	"SequenceName": "tfi3d1_84",
	"ImageType": ["ORIGINAL", "PRIMARY", "M", "ND"],
	"SeriesNumber": 15,
	"AcquisitionTime": "19:53:8.590000",
	"AcquisitionNumber": 1,
	"SliceThickness": 1,
	"SAR": 0.0551298,
	"EchoTime": 0.00267,
	"RepetitionTime": 0.46143,
	"FlipAngle": 17,
	"PartialFourier": 0.875,
	"BaseResolution": 144,
	"ShimSetting": [
		-625,
		719,
		996,
		48,
		-37,
		2400,
		1545,
		1243	],
	"TxRefAmp": 212,
	"PhaseResolution": 1,
	"ReceiveCoilName": "32Ch_Head_7T",
	"CoilString": "C:A32",
	"PulseSequenceDetails": "%CustomerSeq%_CV_fft40",
	"RefLinesPE": 24,
	"PercentPhaseFOV": 100,
	"PhaseEncodingSteps": 125,
	"AcquisitionMatrixPE": 144,
	"ReconMatrixPE": 144,
	"ParallelReductionFactorInPlane": 2,
	"PixelBandwidth": 445,
	"DwellTime": 7.8e-06,
	"ImageOrientationPatientDICOM": [
		1,
		-2.00006e-10,
		4.54404e-11,
		2.05103e-10,
		0.975149,
		-0.221548	],
	"InPlanePhaseEncodingDirectionDICOM": "ROW",
	"ConversionSoftware": "dcm2niix",
	"ConversionSoftwareVersion": "v1.0.20190902"
}
