{
	"Modality": "MR",
	"MagneticFieldStrength": 6.98,
	"ImagingFrequency": 297.167,
	"Manufacturer": "Siemens",
	"ManufacturersModelName": "Investigational_Device_7T",
	"InstitutionName": "Beijing_MRI_Center_for_Brain_Research",
	"InstitutionalDepartmentName": "Department",
	"InstitutionAddress": "Datun_road_15_Beijing_29A426_Chaoyang_CN_100101",
	"DeviceSerialNumber": "18925",
	"StationName": "MRC18925",
	"PatientPosition": "HFS",
	"ProcedureStepDescription": "S18_approved",
	"SoftwareVersions": "syngo_MR_B17",
	"MRAcquisitionType": "2D",
	"SeriesDescription": "main6",
	"ProtocolName": "main6",
	"ScanningSequence": "EP",
	"SequenceVariant": "SK_SS",
	"ScanOptions": "PFP_FS",
	"SequenceName": "epfid2d1_140",
	"ImageType": ["ORIGINAL", "PRIMARY", "M", "ND", "MOSAIC"],
	"SeriesNumber": 19,
	"AcquisitionTime": "18:16:22.170000",
	"AcquisitionNumber": 1,
	"ImageComments": "SENSE1",
	"SliceThickness": 1.2,
	"SpacingBetweenSlices": 1.2,
	"SAR": 0.0508847,
	"EchoTime": 0.0242,
	"RepetitionTime": 1.5,
	"FlipAngle": 70,
	"PartialFourier": 0.75,
	"BaseResolution": 140,
	"ShimSetting": [
		-562,
		1677,
		1057,
		18,
		-387,
		-1910,
		1224,
		1460	],
	"TxRefAmp": 214,
	"PhaseResolution": 1,
	"ReceiveCoilName": "32Ch_Head_7T",
	"CoilString": "C:A32",
	"PulseSequenceDetails": "%CustomerSeq%_cmrr_mbep2d_bold",
	"RefLinesPE": 68,
	"PercentPhaseFOV": 100,
	"PhaseEncodingSteps": 104,
	"AcquisitionMatrixPE": 140,
	"ReconMatrixPE": 140,
	"BandwidthPerPixelPhaseEncode": 15.873,
	"ParallelReductionFactorInPlane": 2,
	"EffectiveEchoSpacing": 0.00045,
	"DerivedVendorReportedEchoSpacing": 0.000900001,
	"TotalReadoutTime": 0.0625501,
	"PixelBandwidth": 1276,
	"DwellTime": 2.8e-06,
	"PhaseEncodingDirection": "j-",
	"SliceTiming": [
		0,
		0.7875,
		0.07,
		0.86,
		0.1425,
		0.9325,
		0.215,
		1.0025,
		0.285,
		1.075,
		0.3575,
		1.1475,
		0.43,
		1.2175,
		0.5025,
		1.29,
		0.5725,
		1.3625,
		0.645,
		1.4325,
		0.7175	],
	"ImageOrientationPatientDICOM": [
		1,
		0,
		0,
		0,
		0.980955,
		-0.194234	],
	"InPlanePhaseEncodingDirectionDICOM": "COL",
	"ConversionSoftware": "dcm2niix",
	"ConversionSoftwareVersion": "v1.0.20190902"
}
