{
	"Modality": "MR",
	"MagneticFieldStrength": 6.98,
	"ImagingFrequency": 297.166,
	"Manufacturer": "Siemens",
	"ManufacturersModelName": "Investigational_Device_7T",
	"InstitutionName": "Beijing_MRI_Center_for_Brain_Research",
	"InstitutionalDepartmentName": "Department",
	"InstitutionAddress": "Datun_road_15_Beijing_198024_Chaoyang_CN_100101",
	"DeviceSerialNumber": "18925",
	"StationName": "MRC18925",
	"PatientPosition": "HFS",
	"ProcedureStepDescription": "S18_approved",
	"SoftwareVersions": "syngo_MR_B17",
	"MRAcquisitionType": "3D",
	"SeriesDescription": "fft40_1.0iso_FA16",
	"ProtocolName": "fft40_1.0iso_FA16",
	"ScanningSequence": "GR",
	"SequenceVariant": "SK_SS",
	"ScanOptions": "PFP",
	"SequenceName": "tfi3d1_84",
	"ImageType": ["ORIGINAL", "PRIMARY", "M", "ND"],
	"SeriesNumber": 22,
	"AcquisitionTime": "15:46:0.700000",
	"AcquisitionNumber": 1,
	"SliceThickness": 1,
	"SAR": 0.051381,
	"EchoTime": 0.00266,
	"RepetitionTime": 0.46143,
	"FlipAngle": 16,
	"PartialFourier": 0.875,
	"BaseResolution": 144,
	"ShimSetting": [
		27,
		1518,
		674,
		104,
		265,
		5,
		468,
		231	],
	"TxRefAmp": 220,
	"PhaseResolution": 1,
	"ReceiveCoilName": "32Ch_Head_7T",
	"CoilString": "C:A32",
	"PulseSequenceDetails": "%CustomerSeq%_CV_fft40",
	"RefLinesPE": 24,
	"PercentPhaseFOV": 100,
	"PhaseEncodingSteps": 125,
	"AcquisitionMatrixPE": 144,
	"ReconMatrixPE": 144,
	"ParallelReductionFactorInPlane": 2,
	"PixelBandwidth": 413,
	"DwellTime": 8.4e-06,
	"ImageOrientationPatientDICOM": [
		1,
		-1.97354e-10,
		5.58456e-11,
		2.05103e-10,
		0.962218,
		-0.27228	],
	"InPlanePhaseEncodingDirectionDICOM": "ROW",
	"ConversionSoftware": "dcm2niix",
	"ConversionSoftwareVersion": "v1.0.20190902"
}
