{
	"Modality": "MR",
	"MagneticFieldStrength": 6.98,
	"ImagingFrequency": 297.18,
	"Manufacturer": "Siemens",
	"ManufacturersModelName": "Investigational_Device_7T",
	"InstitutionName": "Beijing_MRI_Center_for_Brain_Research",
	"InstitutionalDepartmentName": "Department",
	"InstitutionAddress": "Datun_road_15_Beijing_39EB26_Chaoyang_CN_100101",
	"DeviceSerialNumber": "18925",
	"StationName": "MRC18925",
	"PatientPosition": "HFS",
	"ProcedureStepDescription": "S18_pzhang",
	"SoftwareVersions": "syngo_MR_B17",
	"MRAcquisitionType": "2D",
	"SeriesDescription": "experiment",
	"ProtocolName": "experiment",
	"ScanningSequence": "EP",
	"SequenceVariant": "SK",
	"ScanOptions": "PFP_SAT1_FS",
	"SequenceName": "ep492A2d1_90",
	"ImageType": ["ORIGINAL", "PRIMARY", "M", "ND", "MOSAIC"],
	"SeriesNumber": 17,
	"AcquisitionTime": "20:03:28.445000",
	"AcquisitionNumber": 1,
	"SliceThickness": 1.2,
	"SpacingBetweenSlices": 1.2,
	"SAR": 0.174294,
	"EchoTime": 0.024,
	"RepetitionTime": 2,
	"FlipAngle": 80,
	"PartialFourier": 0.875,
	"BaseResolution": 100,
	"ShimSetting": [
		113,
		422,
		786,
		2740,
		620,
		-297,
		2586,
		-566	],
	"TxRefAmp": 220,
	"PhaseResolution": 1,
	"ReceiveCoilName": "32Ch_Head_7T",
	"CoilString": "C:A32",
	"PulseSequenceDetails": "%CustomerSeq%_ep2d_bold_492A",
	"RefLinesPE": 34,
	"PercentPhaseFOV": 90,
	"PhaseEncodingSteps": 79,
	"AcquisitionMatrixPE": 90,
	"ReconMatrixPE": 90,
	"BandwidthPerPixelPhaseEncode": 23.641,
	"ParallelReductionFactorInPlane": 2,
	"EffectiveEchoSpacing": 0.000469993,
	"DerivedVendorReportedEchoSpacing": 0.000939987,
	"TotalReadoutTime": 0.0418294,
	"PixelBandwidth": 1220,
	"DwellTime": 4.1e-06,
	"PhaseEncodingDirection": "j-",
	"SliceTiming": [
		0,
		0.09,
		0.1825,
		0.2725,
		0.365,
		0.455,
		0.5475,
		0.6375,
		0.73,
		0.82,
		0.9125,
		1.0025,
		1.095,
		1.185,
		1.2775,
		1.3675,
		1.46,
		1.55,
		1.6425,
		1.7325,
		1.825,
		1.915	],
	"ImageOrientationPatientDICOM": [
		1,
		0,
		0,
		0,
		0.988494,
		-0.151261	],
	"InPlanePhaseEncodingDirectionDICOM": "COL",
	"ConversionSoftware": "dcm2niix",
	"ConversionSoftwareVersion": "v1.0.20190902"
}
