{
	"Modality": "MR",
	"MagneticFieldStrength": 6.98,
	"ImagingFrequency": 297.166,
	"Manufacturer": "Siemens",
	"ManufacturersModelName": "Investigational_Device_7T",
	"InstitutionName": "Beijing_MRI_Center_for_Brain_Research",
	"InstitutionalDepartmentName": "Department",
	"InstitutionAddress": "Datun_road_15_Beijing_0B25D3_Chaoyang_CN_100101",
	"DeviceSerialNumber": "18925",
	"StationName": "MRC18925",
	"PatientPosition": "HFS",
	"ProcedureStepDescription": "S18_approved",
	"SoftwareVersions": "syngo_MR_B17",
	"MRAcquisitionType": "3D",
	"SeriesDescription": "t1w_mprage_0.70iso_p3",
	"ProtocolName": "t1w_mprage_0.70iso_p3",
	"ScanningSequence": "GR_IR",
	"SequenceVariant": "SP_MP",
	"ScanOptions": "IR",
	"SequenceName": "_tfl3d1rr_ns",
	"ImageType": ["ORIGINAL", "PRIMARY", "M", "ND"],
	"SeriesNumber": 2,
	"AcquisitionTime": "10:36:59.717500",
	"AcquisitionNumber": 1,
	"SliceThickness": 0.7,
	"SAR": 0.0389321,
	"EchoTime": 0.00376,
	"RepetitionTime": 3,
	"InversionTime": 1.2,
	"FlipAngle": 8,
	"PartialFourier": 1,
	"BaseResolution": 320,
	"ShimSetting": [
		28,
		770,
		720,
		-112,
		91,
		-191,
		61,
		69	],
	"TxRefAmp": 202.203,
	"PhaseResolution": 1,
	"ReceiveCoilName": "32Ch_Head_7T",
	"CoilString": "C:A32",
	"PulseSequenceDetails": "%SiemensSeq%_tfl",
	"RefLinesPE": 36,
	"PercentPhaseFOV": 100,
	"PhaseEncodingSteps": 320,
	"AcquisitionMatrixPE": 320,
	"ReconMatrixPE": 320,
	"ParallelReductionFactorInPlane": 3,
	"PixelBandwidth": 150,
	"DwellTime": 1.04e-05,
	"ImageOrientationPatientDICOM": [
		0,
		1,
		0,
		0,
		0,
		-1	],
	"InPlanePhaseEncodingDirectionDICOM": "ROW",
	"ConversionSoftware": "dcm2niix",
	"ConversionSoftwareVersion": "v1.0.20190902"
}
