{
	"Modality": "MR",
	"MagneticFieldStrength": 6.98,
	"ImagingFrequency": 297.181,
	"Manufacturer": "Siemens",
	"ManufacturersModelName": "Investigational_Device_7T",
	"InstitutionName": "Beijing_MRI_Center_for_Brain_Research",
	"InstitutionalDepartmentName": "Department",
	"InstitutionAddress": "Datun_road_15_Beijing_29A426_Chaoyang_CN_100101",
	"DeviceSerialNumber": "18925",
	"StationName": "MRC18925",
	"PatientPosition": "HFS",
	"ProcedureStepDescription": "S18_approved",
	"SoftwareVersions": "syngo_MR_B17",
	"MRAcquisitionType": "3D",
	"SeriesDescription": "fft40_1.0iso_FA20",
	"ProtocolName": "fft40_1.0iso_FA20",
	"ScanningSequence": "GR",
	"SequenceVariant": "SK_SS",
	"ScanOptions": "PFP",
	"SequenceName": "tfi3d1_84",
	"ImageType": ["ORIGINAL", "PRIMARY", "M", "ND"],
	"SeriesNumber": 18,
	"AcquisitionTime": "12:45:51.810000",
	"AcquisitionNumber": 1,
	"SliceThickness": 1,
	"SAR": 0.0540944,
	"EchoTime": 0.00267,
	"RepetitionTime": 0.46143,
	"FlipAngle": 20,
	"PartialFourier": 0.875,
	"BaseResolution": 144,
	"ShimSetting": [
		-688,
		3036,
		887,
		3528,
		2130,
		4171,
		-101,
		-1082	],
	"TxRefAmp": 196,
	"PhaseResolution": 1,
	"ReceiveCoilName": "32Ch_Head_7T",
	"CoilString": "C:A32",
	"PulseSequenceDetails": "%CustomerSeq%_CV_fft40",
	"RefLinesPE": 24,
	"PercentPhaseFOV": 100,
	"PhaseEncodingSteps": 125,
	"AcquisitionMatrixPE": 144,
	"ReconMatrixPE": 144,
	"ParallelReductionFactorInPlane": 2,
	"PixelBandwidth": 445,
	"DwellTime": 7.8e-06,
	"ImageOrientationPatientDICOM": [
		1,
		-2.03865e-10,
		2.25069e-11,
		2.05103e-10,
		0.993961,
		-0.109734	],
	"InPlanePhaseEncodingDirectionDICOM": "ROW",
	"ConversionSoftware": "dcm2niix",
	"ConversionSoftwareVersion": "v1.0.20190902"
}
