{
	"Modality": "MR",
	"MagneticFieldStrength": 6.98,
	"ImagingFrequency": 297.18,
	"Manufacturer": "Siemens",
	"ManufacturersModelName": "Investigational_Device_7T",
	"InstitutionName": "Beijing_MRI_Center_for_Brain_Research",
	"InstitutionalDepartmentName": "Department",
	"InstitutionAddress": "Datun_road_15_Beijing_29A426_Chaoyang_CN_100101",
	"DeviceSerialNumber": "18925",
	"StationName": "MRC18925",
	"PatientPosition": "HFS",
	"ProcedureStepDescription": "S18_pzhang",
	"SoftwareVersions": "syngo_MR_B17",
	"MRAcquisitionType": "2D",
	"SeriesDescription": "main",
	"ProtocolName": "main",
	"ScanningSequence": "EP",
	"SequenceVariant": "SK_SS",
	"ScanOptions": "PFP_FS",
	"SequenceName": "epfid2d1_134",
	"ImageType": ["ORIGINAL", "PRIMARY", "M", "ND", "MOSAIC"],
	"SeriesNumber": 14,
	"AcquisitionTime": "12:11:48.007500",
	"AcquisitionNumber": 1,
	"SliceThickness": 1.2,
	"SpacingBetweenSlices": 1.2,
	"SAR": 0.0501679,
	"EchoTime": 0.0244,
	"RepetitionTime": 2,
	"FlipAngle": 80,
	"PartialFourier": 0.75,
	"BaseResolution": 134,
	"ShimSetting": [
		-44,
		974,
		469,
		1468,
		-388,
		-1165,
		1552,
		403	],
	"TxRefAmp": 182.867,
	"PhaseResolution": 1,
	"ReceiveCoilName": "32Ch_Head_7T",
	"CoilString": "C:A32",
	"PulseSequenceDetails": "%CustomerSeq%_cmrr_mbep2d_bold",
	"RefLinesPE": 32,
	"PercentPhaseFOV": 100,
	"PhaseEncodingSteps": 101,
	"AcquisitionMatrixPE": 134,
	"ReconMatrixPE": 134,
	"BandwidthPerPixelPhaseEncode": 16.402,
	"ParallelReductionFactorInPlane": 2,
	"EffectiveEchoSpacing": 0.000454986,
	"DerivedVendorReportedEchoSpacing": 0.000909973,
	"TotalReadoutTime": 0.0605132,
	"PixelBandwidth": 1287,
	"DwellTime": 2.9e-06,
	"PhaseEncodingDirection": "j-",
	"SliceTiming": [
		1.0025,
		0,
		1.075,
		0.07,
		1.145,
		0.1425,
		1.2175,
		0.215,
		1.29,
		0.285,
		1.36,
		0.3575,
		1.4325,
		0.43,
		1.505,
		0.5,
		1.5775,
		0.5725,
		1.6475,
		0.645,
		1.72,
		0.715,
		1.7925,
		0.7875,
		1.8625,
		0.86,
		1.935,
		0.93	],
	"ImageOrientationPatientDICOM": [
		1,
		0,
		0,
		0,
		0.949972,
		-0.312335	],
	"InPlanePhaseEncodingDirectionDICOM": "COL",
	"ConversionSoftware": "dcm2niix",
	"ConversionSoftwareVersion": "v1.0.20190902"
}
