{
	"Modality": "MR",
	"MagneticFieldStrength": 6.98,
	"ImagingFrequency": 297.166,
	"Manufacturer": "Siemens",
	"ManufacturersModelName": "Investigational_Device_7T",
	"InstitutionName": "Beijing_MRI_Center_for_Brain_Research",
	"InstitutionalDepartmentName": "Department",
	"InstitutionAddress": "Datun_road_15_Beijing_0B25D3_Chaoyang_CN_100101",
	"DeviceSerialNumber": "18925",
	"StationName": "MRC18925",
	"PatientPosition": "HFS",
	"ProcedureStepDescription": "S18_approved",
	"SoftwareVersions": "syngo_MR_B17",
	"MRAcquisitionType": "2D",
	"SeriesDescription": "localizer",
	"ProtocolName": "localizer",
	"ScanningSequence": "EP",
	"SequenceVariant": "SK_SS",
	"ScanOptions": "PFP_FS",
	"SequenceName": "epfid2d1_150",
	"ImageType": ["ORIGINAL", "PRIMARY", "M", "MB", "ND", "MOSAIC"],
	"SeriesNumber": 8,
	"AcquisitionTime": "11:18:24.387500",
	"AcquisitionNumber": 1,
	"ImageComments": "Unaliased_MB2_PE4_LB_SENSE1",
	"SliceThickness": 1.2,
	"SpacingBetweenSlices": 1.2,
	"SAR": 0.0988054,
	"EchoTime": 0.022,
	"RepetitionTime": 2,
	"FlipAngle": 80,
	"PartialFourier": 0.75,
	"BaseResolution": 150,
	"ShimSetting": [
		31,
		785,
		708,
		-75,
		154,
		-371,
		341,
		94	],
	"TxRefAmp": 230,
	"PhaseResolution": 1,
	"ReceiveCoilName": "32Ch_Head_7T",
	"CoilString": "C:A32",
	"PulseSequenceDetails": "%CustomerSeq%_cmrr_mbep2d_bold",
	"RefLinesPE": 76,
	"MultibandAccelerationFactor": 2,
	"PercentPhaseFOV": 100,
	"PhaseEncodingSteps": 113,
	"AcquisitionMatrixPE": 150,
	"ReconMatrixPE": 150,
	"BandwidthPerPixelPhaseEncode": 17.778,
	"ParallelReductionFactorInPlane": 2,
	"EffectiveEchoSpacing": 0.000374995,
	"DerivedVendorReportedEchoSpacing": 0.000749991,
	"TotalReadoutTime": 0.0558743,
	"PixelBandwidth": 1587,
	"DwellTime": 2.1e-06,
	"PhaseEncodingDirection": "j-",
	"SliceTiming": [
		0,
		1.0375,
		0.065,
		1.1025,
		0.13,
		1.1675,
		0.195,
		1.23,
		0.26,
		1.295,
		0.325,
		1.36,
		0.39,
		1.425,
		0.455,
		1.49,
		0.5175,
		1.555,
		0.5825,
		1.62,
		0.6475,
		1.685,
		0.7125,
		1.75,
		0.7775,
		1.815,
		0.8425,
		1.8775,
		0.9075,
		1.9425,
		0.9725,
		0,
		1.0375,
		0.065,
		1.1025,
		0.13,
		1.1675,
		0.195,
		1.23,
		0.26,
		1.295,
		0.325,
		1.36,
		0.39,
		1.425,
		0.455,
		1.49,
		0.5175,
		1.555,
		0.5825,
		1.62,
		0.6475,
		1.685,
		0.7125,
		1.75,
		0.7775,
		1.815,
		0.8425,
		1.8775,
		0.9075,
		1.9425,
		0.9725	],
	"ImageOrientationPatientDICOM": [
		1,
		0,
		0,
		0,
		0.93358,
		-0.358368	],
	"InPlanePhaseEncodingDirectionDICOM": "COL",
	"ConversionSoftware": "dcm2niix",
	"ConversionSoftwareVersion": "v1.0.20190902"
}
