{
	"Modality": "MR",
	"MagneticFieldStrength": 6.98,
	"ImagingFrequency": 297.18,
	"Manufacturer": "Siemens",
	"ManufacturersModelName": "Investigational_Device_7T",
	"InstitutionName": "Beijing_MRI_Center_for_Brain_Research",
	"InstitutionalDepartmentName": "Department",
	"InstitutionAddress": "Datun_road_15_Beijing_39EB26_Chaoyang_CN_100101",
	"DeviceSerialNumber": "18925",
	"StationName": "MRC18925",
	"PatientPosition": "HFS",
	"ProcedureStepDescription": "S18_pzhang",
	"SoftwareVersions": "syngo_MR_B17",
	"MRAcquisitionType": "3D",
	"SeriesDescription": "T1w_mprage_0.70iso",
	"ProtocolName": "T1w_mprage_0.70iso",
	"ScanningSequence": "GR_IR",
	"SequenceVariant": "SP_MP",
	"ScanOptions": "IR",
	"SequenceName": "_tfl3d1rr_ns",
	"ImageType": ["ORIGINAL", "PRIMARY", "M", "DIS2D"],
	"SeriesNumber": 2,
	"AcquisitionTime": "18:50:35.772500",
	"AcquisitionNumber": 1,
	"SliceThickness": 0.7,
	"SAR": 0.0428909,
	"EchoTime": 0.00355,
	"RepetitionTime": 3.1,
	"InversionTime": 1.25,
	"FlipAngle": 5,
	"PartialFourier": 1,
	"BaseResolution": 320,
	"ShimSetting": [
		74,
		242,
		632,
		1068,
		-201,
		-477,
		231,
		-300	],
	"TxRefAmp": 210,
	"PhaseResolution": 1,
	"ReceiveCoilName": "32Ch_Head_7T",
	"CoilString": "C:A32",
	"PulseSequenceDetails": "%SiemensSeq%_tfl",
	"RefLinesPE": 24,
	"PercentPhaseFOV": 100,
	"PhaseEncodingSteps": 320,
	"AcquisitionMatrixPE": 320,
	"ReconMatrixPE": 320,
	"ParallelReductionFactorInPlane": 3,
	"PixelBandwidth": 182,
	"DwellTime": 8.6e-06,
	"ImageOrientationPatientDICOM": [
		0,
		1,
		0,
		0,
		0,
		-1	],
	"InPlanePhaseEncodingDirectionDICOM": "ROW",
	"ConversionSoftware": "dcm2niix",
	"ConversionSoftwareVersion": "v1.0.20190902"
}
